GIT
  remote: git@gitlab.com:microservices-from-day-one/service_discovery.git
  revision: 1af3a2e9e6ee7d399563f0404d2f23764c69dd3c
  specs:
    service_discovery (0.0.1)
      consul-client (~> 0)

PATH
  remote: .
  specs:
    api_client (0.0.1)
      faraday (~> 0.9.0)
      json_api_client (~> 1.3)
      service_discovery (~> 0)

GEM
  remote: https://rubygems.org/
  specs:
    activemodel (5.0.0.1)
      activesupport (= 5.0.0.1)
    activesupport (5.0.0.1)
      concurrent-ruby (~> 1.0, >= 1.0.2)
      i18n (~> 0.7)
      minitest (~> 5.1)
      tzinfo (~> 1.1)
    addressable (2.4.0)
    byebug (8.2.1)
    concurrent-ruby (1.0.2)
    consul-client (0.1.1)
    faraday (0.9.2)
      multipart-post (>= 1.2, < 3)
    faraday_middleware (0.10.0)
      faraday (>= 0.7.4, < 0.10)
    i18n (0.7.0)
    json_api_client (1.3.0)
      activemodel (>= 3.2.0)
      activesupport (>= 3.2.0)
      addressable (~> 2.2)
      faraday (~> 0.9)
      faraday_middleware (~> 0.9)
    metaclass (0.0.4)
    minitest (5.8.3)
    mocha (1.1.0)
      metaclass (~> 0.0.1)
    multipart-post (2.0.0)
    rake (10.4.2)
    thread_safe (0.3.5)
    tzinfo (1.2.2)
      thread_safe (~> 0.1)

PLATFORMS
  ruby

DEPENDENCIES
  api_client!
  byebug
  minitest
  mocha
  rake
  service_discovery!

BUNDLED WITH
   1.12.5
